GEM
  remote: https://rubygems.org/
  specs:
    builder (3.2.2)
    httpclient (2.3.4.1)
    json (1.8.1)
    jwt (1.0.0)
    multi_json (1.10.1)
    pusher (0.12.0)
      httpclient (~> 2.3.0)
      multi_json (~> 1.0)
      signature (~> 0.1.6)
    pusher-client (0.6.0)
      json
      websocket (~> 1.0)
    rack (1.5.2)
    rack-protection (1.5.3)
      rack
    signature (0.1.7)
    sinatra (1.4.5)
      rack (~> 1.4)
      rack-protection (~> 1.4)
      tilt (~> 1.3, >= 1.3.4)
    tilt (1.4.1)
    twilio-ruby (3.11.5)
      builder (>= 2.1.2)
      jwt (>= 0.1.2)
      multi_json (>= 1.3.0)
    websocket (1.1.4)

PLATFORMS
  ruby

DEPENDENCIES
  pusher
  pusher-client
  sinatra
  twilio-ruby
